GEM
  remote: https://rubygems.org/
  specs:
    ansi (1.5.0)
    builder (3.2.4)
    coderay (1.1.3)
    forwardable (1.3.3)
    method_source (1.0.0)
    minitest (5.21.1)
    minitest-reporters (1.6.1)
      ansi
      builder
      minitest (>= 5.0)
      ruby-progressbar
    prime (0.1.2)
      forwardable
      singleton
    pry (0.14.2)
      coderay (~> 1.1)
      method_source (~> 1.0)
    rake (13.1.0)
    ruby-progressbar (1.13.0)
    singleton (0.2.0)

PLATFORMS
  x86_64-darwin-21
  x86_64-darwin-23

DEPENDENCIES
  minitest (~> 5.0)
  minitest-reporters (~> 1.6)
  prime
  pry
  rake (~> 13.0)

BUNDLED WITH
   2.3.7
